PATH
  remote: .
  specs:
    navvy (0.3.2)

GEM
  remote: http://rubygems.org/
  specs:
    activemodel (3.2.21)
      activesupport (= 3.2.21)
      builder (~> 3.0.0)
    activerecord (3.2.21)
      activemodel (= 3.2.21)
      activesupport (= 3.2.21)
      arel (~> 3.0.2)
      tzinfo (~> 0.3.29)
    activesupport (3.2.21)
      i18n (~> 0.6, >= 0.6.4)
      multi_json (~> 1.0)
    addressable (2.3.6)
    arel (3.0.3)
    bson (1.11.1)
    bson_ext (1.11.1)
      bson (~> 1.11.1)
    builder (3.0.4)
    data_objects (0.10.14)
      addressable (~> 2.1)
    diff-lcs (1.2.5)
    dm-core (1.2.1)
      addressable (~> 2.3)
    dm-do-adapter (1.2.0)
      data_objects (~> 0.10.6)
      dm-core (~> 1.2.0)
    dm-migrations (1.2.0)
      dm-core (~> 1.2.0)
    dm-sqlite-adapter (1.2.0)
      dm-do-adapter (~> 1.2.0)
      do_sqlite3 (~> 0.10.6)
    dm-validations (1.2.0)
      dm-core (~> 1.2.0)
    do_sqlite3 (0.10.14)
      data_objects (= 0.10.14)
    fuubar (0.0.6)
      rspec (~> 2.0)
      rspec-instafail (~> 0.1.8)
      ruby-progressbar (~> 0.0.10)
    i18n (0.7.0)
    mongo (1.11.1)
      bson (= 1.11.1)
    mongo_mapper (0.13.1)
      activemodel (>= 3.0.0)
      activesupport (>= 3.0)
      mongo (~> 1.8)
      plucky (~> 0.6.5)
    mongoid (3.1.6)
      activemodel (~> 3.2)
      moped (~> 1.4)
      origin (~> 1.0)
      tzinfo (~> 0.3.29)
    moped (1.5.2)
    multi_json (1.10.1)
    origin (1.1.0)
    plucky (0.6.6)
      mongo (~> 1.5)
    rake (10.4.2)
    rspec (2.99.0)
      rspec-core (~> 2.99.0)
      rspec-expectations (~> 2.99.0)
      rspec-mocks (~> 2.99.0)
    rspec-core (2.99.2)
    rspec-expectations (2.99.2)
      diff-lcs (>= 1.1.3, < 2.0)
    rspec-instafail (0.1.9)
    rspec-mocks (2.99.3)
    ruby-progressbar (0.0.10)
    sequel (3.48.0)
    sqlite3 (1.3.10)
    sqlite3-ruby (1.3.3)
      sqlite3 (>= 1.3.3)
    timecop (0.7.1)
    tzinfo (0.3.42)
    yard (0.8.7.6)

PLATFORMS
  ruby

DEPENDENCIES
  activerecord (>= 2.3.5)
  bson_ext
  builder
  dm-core (~> 1.2)
  dm-migrations
  dm-sqlite-adapter
  dm-validations
  fuubar (~> 0.0)
  mongo_mapper (~> 0.7)
  mongoid (>= 2.0.beta)
  navvy!
  rake
  rspec (~> 2.0)
  sequel (~> 3.0)
  sqlite3-ruby
  timecop (>= 0.3.5)
  tzinfo
  yard (>= 0.5.2)
